GEM
  remote: https://rubygems.org/
  specs:
    minitest (5.14.4)
    rake (13.0.6)

PLATFORMS
  x86_64-darwin-18

DEPENDENCIES
  minitest
  rake

BUNDLED WITH
   2.2.26
